PATH
  remote: .
  specs:
    spooky_core (0.7)
      braintree (= 2.24.0)
      httparty (= 0.11.0)
      nokogiri (= 1.6.0)

GEM
  remote: http://rubygems.org/
  specs:
    addressable (2.3.5)
    braintree (2.24.0)
      builder (>= 2.0.0)
    builder (3.2.2)
    crack (0.4.1)
      safe_yaml (~> 0.9.0)
    diff-lcs (1.2.4)
    httparty (0.11.0)
      multi_json (~> 1.0)
      multi_xml (>= 0.5.2)
    mini_portile (0.5.1)
    multi_json (1.7.7)
    multi_xml (0.5.4)
    nokogiri (1.6.0)
      mini_portile (~> 0.5.0)
    rack (1.5.2)
    rspec (2.14.1)
      rspec-core (~> 2.14.0)
      rspec-expectations (~> 2.14.0)
      rspec-mocks (~> 2.14.0)
    rspec-core (2.14.3)
    rspec-expectations (2.14.0)
      diff-lcs (>= 1.1.3, < 2.0)
    rspec-mocks (2.14.1)
    safe_yaml (0.9.4)
    vcr (2.5.0)
    webmock (1.11.0)
      addressable (>= 2.2.7)
      crack (>= 0.3.2)
    yard (0.8.6.2)

PLATFORMS
  ruby

DEPENDENCIES
  rack (= 1.5.2)
  rspec (= 2.14.1)
  spooky_core!
  vcr (= 2.5.0)
  webmock (= 1.11.0)
  yard (= 0.8.6.2)
