PATH
  remote: .
  specs:
    spooky_core (0.6.2)
      httparty (>= 0.15.6)
      nokogiri (>= 1.6.1)

GEM
  remote: http://rubygems.org/
  specs:
    addressable (2.2.7)
    crack (0.3.1)
    httparty (0.15.6)
      multi_xml (>= 0.5.2)
    mini_portile2 (2.3.0)
    multi_xml (0.6.0)
    nokogiri (1.8.1)
      mini_portile2 (~> 2.3.0)
    vcr (2.0.0)
    webmock (1.8.4)
      addressable (>= 2.2.7)
      crack (>= 0.1.7)

PLATFORMS
  ruby

DEPENDENCIES
  spooky_core!
  vcr (= 2.0.0)
  webmock (= 1.8.4)

BUNDLED WITH
   1.15.4
