PATH
  remote: .
  specs:
    spooky_core (0.1)
      httparty (>= 0.8.1)
      nokogiri (>= 1.5.0)

GEM
  remote: http://rubygems.org/
  specs:
    addressable (2.2.7)
    crack (0.3.1)
    httparty (0.8.1)
      multi_json
      multi_xml
    multi_json (1.1.0)
    multi_xml (0.4.2)
    nokogiri (1.5.2)
    vcr (2.0.0)
    webmock (1.8.4)
      addressable (>= 2.2.7)
      crack (>= 0.1.7)

PLATFORMS
  ruby

DEPENDENCIES
  spooky_core!
  vcr (= 2.0.0)
  webmock (= 1.8.4)
