PATH
  remote: .
  specs:
    SpookyCore (0.1)
      httparty (>= 0.8.1)
      nokogiri (>= 1.5.0)

GEM
  remote: http://rubygems.org/
  specs:
    httparty (0.8.1)
      multi_json
      multi_xml
    multi_json (1.0.4)
    multi_xml (0.4.1)
    nokogiri (1.5.0)

PLATFORMS
  ruby

DEPENDENCIES
  SpookyCore!
