PATH
  remote: .
  specs:
    spooky_core (0.6.2)
      httparty (>= 0.15.6)
      nokogiri (>= 1.6.1)

GEM
  remote: http://rubygems.org/
  specs:
    addressable (2.5.2)
      public_suffix (>= 2.0.2, < 4.0)
    crack (0.4.3)
      safe_yaml (~> 1.0.0)
    hashdiff (0.3.7)
    httparty (0.15.6)
      multi_xml (>= 0.5.2)
    mini_portile2 (2.3.0)
    multi_xml (0.6.0)
    nokogiri (1.8.1)
      mini_portile2 (~> 2.3.0)
    public_suffix (3.0.1)
    safe_yaml (1.0.4)
    vcr (2.0.0)
    webmock (3.1.1)
      addressable (>= 2.3.6)
      crack (>= 0.3.2)
      hashdiff

PLATFORMS
  ruby

DEPENDENCIES
  spooky_core!
  vcr (= 2.0.0)
  webmock (= 3.1.1)

BUNDLED WITH
   1.15.4
